GEM
  remote: https://rubygems.org/
  specs:
    aws-sdk (2.6.2)
      aws-sdk-resources (= 2.6.2)
    aws-sdk-core (2.6.2)
      jmespath (~> 1.0)
    aws-sdk-resources (2.6.2)
      aws-sdk-core (= 2.6.2)
    diff-lcs (1.2.5)
    hash_dot (2.0.2)
    jmespath (1.3.1)
    rspec (3.5.0)
      rspec-core (~> 3.5.0)
      rspec-expectations (~> 3.5.0)
      rspec-mocks (~> 3.5.0)
    rspec-core (3.5.3)
      rspec-support (~> 3.5.0)
    rspec-expectations (3.5.0)
      diff-lcs (>= 1.2.0, < 2.0)
      rspec-support (~> 3.5.0)
    rspec-mocks (3.5.0)
      diff-lcs (>= 1.2.0, < 2.0)
      rspec-support (~> 3.5.0)
    rspec-support (3.5.0)

PLATFORMS
  ruby

DEPENDENCIES
  aws-sdk (~> 2)
  hash_dot (= 2.0.2)
  rspec (~> 3.0)
